GEM
  remote: https://rubygems.org/
  specs:
    distribution (0.8.0)
    rmagick (4.2.2)

PLATFORMS
  x86_64-darwin-20

DEPENDENCIES
  distribution
  rmagick

RUBY VERSION
   ruby 3.0.1p64

BUNDLED WITH
   2.2.15
