GEM
  remote: https://rubygems.org/
  specs:
    byebug (11.1.3)
    distribution (0.8.0)
    rmagick (4.2.4)

PLATFORMS
  x86_64-darwin-20
  x86_64-darwin-21

DEPENDENCIES
  byebug
  distribution
  rmagick

RUBY VERSION
   ruby 3.0.3p157

BUNDLED WITH
   2.2.32
